GEM
  remote: https://rubygems.org/
  specs:
    addressable (2.8.6)
      public_suffix (>= 2.0.2, < 6.0)
    backticks (1.0.5)
    base64 (0.2.0)
    blockenspiel (0.5.0)
    colored (1.2)
    colored2 (3.1.2)
    concurrent-ruby (1.2.3)
    cri (2.15.11)
    deep_merge (1.2.2)
    diff-lcs (1.5.1)
    erubi (1.12.0)
    facter (4.7.0)
      hocon (~> 1.3)
      thor (>= 1.0.1, < 1.3)
    faraday (2.9.0)
      faraday-net_http (>= 2.0, < 3.2)
    faraday-follow_redirects (0.3.0)
      faraday (>= 1, < 3)
    faraday-net_http (3.1.0)
      net-http
    fast_gettext (2.3.0)
    forwardable (1.3.3)
    gettext (3.4.9)
      erubi
      locale (>= 2.0.5)
      prime
      racc
      text (>= 1.3.0)
    gettext-setup (1.1.0)
      fast_gettext (~> 2.1)
      gettext (~> 3.4)
      locale
    git (1.19.1)
      addressable (~> 2.8)
      rchardet (~> 1.8)
    hocon (1.4.0)
    jwt (2.8.1)
      base64
    little-plugger (1.1.4)
    locale (2.1.4)
    log4r (1.1.10)
    logging (2.3.1)
      little-plugger (~> 1.1)
      multi_json (~> 1.14)
    minitar (0.9)
    mocha (1.16.1)
    multi_json (1.15.0)
    net-http (0.4.1)
      uri
    onceover (3.22.0)
      backticks (>= 1.0.2)
      colored (>= 1.2)
      cri (>= 2.6)
      deep_merge (>= 1.0.0)
      git
      logging (>= 2.0.0)
      multi_json (>= 1.10)
      parallel_tests (>= 2.0.0)
      puppet (>= 4.0)
      puppetlabs_spec_helper (>= 0.4.0)
      r10k (>= 2.1.0)
      rake (>= 10.0.0)
      rspec (>= 3.0.0)
      rspec-puppet (>= 2.4.0)
      rspec_junit_formatter (>= 0.2.0)
      terminal-table (>= 1.8.0)
      versionomy (>= 0.5.0)
    parallel (1.24.0)
    parallel_tests (4.7.1)
      parallel
    pathspec (1.1.3)
    prime (0.1.2)
      forwardable
      singleton
    public_suffix (5.0.5)
    puppet (8.6.0)
      concurrent-ruby (~> 1.0)
      deep_merge (~> 1.0)
      facter (>= 4.3.0, < 5)
      fast_gettext (>= 2.1, < 3)
      locale (~> 2.1)
      multi_json (~> 1.13)
      puppet-resource_api (~> 1.5)
      scanf (~> 1.0)
      semantic_puppet (~> 1.0)
    puppet-lint (4.2.4)
    puppet-resource_api (1.9.0)
      hocon (>= 1.0)
    puppet-syntax (4.1.1)
      puppet (>= 7, < 9)
      rake (~> 13.1)
    puppet_forge (5.0.3)
      faraday (~> 2.0)
      faraday-follow_redirects (~> 0.3.0)
      minitar
      semantic_puppet (~> 1.0)
    puppetlabs_spec_helper (7.2.0)
      mocha (~> 1.0)
      pathspec (>= 0.2, < 2.0.0)
      puppet-lint (~> 4.0)
      puppet-syntax (~> 4.1, >= 4.1.1)
      rspec-github (~> 2.0)
      rspec-puppet (~> 4.0)
    r10k (4.1.0)
      colored2 (= 3.1.2)
      cri (>= 2.15.10)
      gettext-setup (>= 0.24, < 2.0)
      jwt (>= 2.2.3, < 3)
      log4r (= 1.1.10)
      minitar (~> 0.9)
      multi_json (~> 1.10)
      puppet_forge (>= 4.1, < 6)
    racc (1.7.3)
    rake (13.2.1)
    rchardet (1.8.0)
    rspec (3.13.0)
      rspec-core (~> 3.13.0)
      rspec-expectations (~> 3.13.0)
      rspec-mocks (~> 3.13.0)
    rspec-core (3.13.0)
      rspec-support (~> 3.13.0)
    rspec-expectations (3.13.0)
      diff-lcs (>= 1.2.0, < 2.0)
      rspec-support (~> 3.13.0)
    rspec-github (2.4.0)
      rspec-core (~> 3.0)
    rspec-mocks (3.13.1)
      diff-lcs (>= 1.2.0, < 2.0)
      rspec-support (~> 3.13.0)
    rspec-puppet (4.0.2)
      rspec (~> 3.0)
    rspec-support (3.13.1)
    rspec_junit_formatter (0.6.0)
      rspec-core (>= 2, < 4, != 2.12.0)
    scanf (1.0.0)
    semantic_puppet (1.1.0)
    singleton (0.2.0)
    terminal-table (3.0.2)
      unicode-display_width (>= 1.1.1, < 3)
    text (1.3.1)
    thor (1.2.2)
    unicode-display_width (2.5.0)
    uri (0.13.0)
    versionomy (0.5.0)
      blockenspiel (~> 0.5)

PLATFORMS
  ruby

DEPENDENCIES
  onceover (~> 3.22)
  puppet (~> 8.4)

BUNDLED WITH
   2.1.4
